PATH
  remote: .
  specs:
    binproxy (1.0.0)
      activesupport (~> 4.2.0)
      bindata (~> 2.1.0)
      clipboard (~> 1.0.5)
      eventmachine (~> 1.0.4)
      haml (>= 4.0.6, < 5.2.0)
      msgpack
      rbkb (~> 0.7.2)
      sass (~> 3.4.9)
      sinatra (~> 2.0.1)
      sinatra-websocket (~> 0.3.1)
      thin (~> 1.7.2)
      trollop (~> 2.1.1)

GEM
  remote: https://rubygems.org/
  specs:
    activesupport (4.2.11.1)
      i18n (~> 0.7)
      minitest (~> 5.1)
      thread_safe (~> 0.3, >= 0.3.4)
      tzinfo (~> 1.1)
    addressable (2.5.2)
      public_suffix (>= 2.0.2, < 4.0)
    bindata (2.1.0)
    clipboard (1.0.6)
    coderay (1.1.2)
    concurrent-ruby (1.1.5)
    daemons (1.3.1)
    diff-lcs (1.3)
    em-websocket (0.3.8)
      addressable (>= 2.1.1)
      eventmachine (>= 0.12.9)
    eventmachine (1.0.9.1)
    faraday (0.15.2)
      multipart-post (>= 1.2, < 3)
    ffi (1.9.23)
    haml (5.1.2)
      temple (>= 0.8.0)
      tilt
    i18n (0.9.5)
      concurrent-ruby (~> 1.0)
    kramdown (1.16.2)
    licensed (1.0.1)
      licensee (~> 9.0)
      octokit (~> 4.0)
      pathname-common_prefix (~> 0.0.1)
      thor (~> 0.19)
    licensee (9.8.0)
      octokit (~> 4.8.0)
      rugged (~> 0.24)
    listen (3.1.5)
      rb-fsevent (~> 0.9, >= 0.9.4)
      rb-inotify (~> 0.9, >= 0.9.7)
      ruby_dep (~> 1.2)
    method_source (0.9.0)
    minitest (5.12.2)
    msgpack (1.3.1)
    multipart-post (2.0.0)
    mustermann (1.0.3)
    octokit (4.8.0)
      sawyer (~> 0.8.0, >= 0.5.3)
    pathname-common_prefix (0.0.1)
    pry (0.11.3)
      coderay (~> 1.1.0)
      method_source (~> 0.9.0)
    public_suffix (3.0.2)
    rack (2.0.7)
    rack-protection (2.0.7)
      rack
    rb-fsevent (0.10.3)
    rb-inotify (0.9.10)
      ffi (>= 0.5.0, < 2)
    rbkb (0.7.2)
    rerun (0.13.0)
      listen (~> 3.0)
    rspec (3.1.0)
      rspec-core (~> 3.1.0)
      rspec-expectations (~> 3.1.0)
      rspec-mocks (~> 3.1.0)
    rspec-core (3.1.7)
      rspec-support (~> 3.1.0)
    rspec-expectations (3.1.2)
      diff-lcs (>= 1.2.0, < 2.0)
      rspec-support (~> 3.1.0)
    rspec-mocks (3.1.3)
      rspec-support (~> 3.1.0)
    rspec-support (3.1.2)
    ruby_dep (1.5.0)
    rugged (0.27.0)
    sass (3.4.25)
    sawyer (0.8.1)
      addressable (>= 2.3.5, < 2.6)
      faraday (~> 0.8, < 1.0)
    sinatra (2.0.7)
      mustermann (~> 1.0)
      rack (~> 2.0)
      rack-protection (= 2.0.7)
      tilt (~> 2.0)
    sinatra-websocket (0.3.1)
      em-websocket (~> 0.3.6)
      eventmachine
      thin (>= 1.3.1, < 2.0.0)
    temple (0.8.2)
    thin (1.7.2)
      daemons (~> 1.0, >= 1.0.9)
      eventmachine (~> 1.0, >= 1.0.4)
      rack (>= 1, < 3)
    thor (0.20.0)
    thread_safe (0.3.6)
    tilt (2.0.10)
    trollop (2.1.3)
    tzinfo (1.2.5)
      thread_safe (~> 0.1)

PLATFORMS
  ruby

DEPENDENCIES
  binproxy!
  bundler (~> 1.3)
  kramdown
  licensed
  pry
  rerun
  rspec (~> 3.1.0)

BUNDLED WITH
   1.16.1
